GEM
  remote: https://rubygems.org/
  specs:
    activesupport (3.2.13)
      i18n (= 0.6.1)
      multi_json (~> 1.0)
    blather (0.8.5)
      activesupport (>= 2.3.11)
      eventmachine (>= 1.0.0)
      girl_friday
      niceogiri (~> 1.0)
      nokogiri (~> 1.5, >= 1.5.6)
    connection_pool (1.1.0)
    dotenv (0.8.0)
    eventmachine (1.0.3)
    foreman (0.63.0)
      dotenv (>= 0.7)
      thor (>= 0.13.6)
    girl_friday (0.11.2)
      connection_pool (~> 1.0)
      rubinius-actor
    google-search (1.0.3)
      json
    i18n (0.6.1)
    json (1.8.0)
    mini_portile (0.5.0)
    multi_json (1.7.7)
    niceogiri (1.1.2)
      nokogiri (~> 1.5)
    nokogiri (1.6.0)
      mini_portile (~> 0.5.0)
    redis (3.0.4)
    rubinius-actor (0.0.2)
      rubinius-core-api
    rubinius-core-api (0.0.1)
    thor (0.18.1)

PLATFORMS
  ruby

DEPENDENCIES
  blather
  foreman
  google-search
  redis
